GEM
  remote: http://rubygems.org/
  specs:
    addressable (2.2.7)
    bluecloth (2.1.0)
    gli (1.3.2)
    heroku (2.21.1)
      launchy (>= 0.3.2)
      rest-client (~> 1.6.1)
      rubyzip
      term-ansicolor (~> 1.0.5)
    json (1.5.3)
    launchy (2.0.5)
      addressable (~> 2.2.6)
    mime-types (1.17.2)
    nokogiri (1.5.0)
    rack (1.3.0)
    rest-client (1.6.7)
      mime-types (>= 1.16)
    rubyzip (0.9.6.1)
    showoff (0.4.2)
      bluecloth
      gli (>= 1.2.5)
      json
      nokogiri
      sinatra
    sinatra (1.2.6)
      rack (~> 1.1)
      tilt (>= 1.2.2, < 2.0)
    term-ansicolor (1.0.7)
    tilt (1.3.2)

PLATFORMS
  ruby

DEPENDENCIES
  bluecloth
  gli
  heroku
  nokogiri
  showoff
